PATH
  remote: .
  specs:
    apigatewayv2_rack (0.2.2)
      base64
      rack
      stringio

GEM
  remote: https://rubygems.org/
  specs:
    base64 (0.2.0)
    diff-lcs (1.6.0)
    rack (3.1.11)
    rake (13.2.1)
    rspec (3.13.0)
      rspec-core (~> 3.13.0)
      rspec-expectations (~> 3.13.0)
      rspec-mocks (~> 3.13.0)
    rspec-core (3.13.3)
      rspec-support (~> 3.13.0)
    rspec-expectations (3.13.3)
      diff-lcs (>= 1.2.0, < 2.0)
      rspec-support (~> 3.13.0)
    rspec-mocks (3.13.2)
      diff-lcs (>= 1.2.0, < 2.0)
      rspec-support (~> 3.13.0)
    rspec-support (3.13.2)
    stringio (3.1.5)

PLATFORMS
  ruby

DEPENDENCIES
  apigatewayv2_rack!
  rake (~> 13.0)
  rspec (~> 3.0)

BUNDLED WITH
   2.3.21
